PATH
  remote: .
  specs:
    nydp-caxlsx (0.1.0)
      caxlsx (~> 3)
      nydp

GEM
  remote: https://rubygems.org/
  specs:
    caxlsx (3.0.1)
      htmlentities (~> 4.3, >= 4.3.4)
      mimemagic (~> 0.3)
      nokogiri (~> 1.10, >= 1.10.4)
      rubyzip (>= 1.3.0, < 3)
    diff-lcs (1.3)
    htmlentities (4.3.4)
    mimemagic (0.4.3)
      nokogiri (~> 1)
      rake
    mini_portile2 (2.6.1)
    nokogiri (1.12.5)
      mini_portile2 (~> 2.6.1)
      racc (~> 1.4)
    nydp (0.4.5)
    racc (1.5.2)
    rake (13.0.1)
    rspec (3.9.0)
      rspec-core (~> 3.9.0)
      rspec-expectations (~> 3.9.0)
      rspec-mocks (~> 3.9.0)
    rspec-core (3.9.1)
      rspec-support (~> 3.9.1)
    rspec-expectations (3.9.1)
      diff-lcs (>= 1.2.0, < 2.0)
      rspec-support (~> 3.9.0)
    rspec-mocks (3.9.1)
      diff-lcs (>= 1.2.0, < 2.0)
      rspec-support (~> 3.9.0)
    rspec-support (3.9.2)
    rubyzip (1.3.0)

PLATFORMS
  ruby

DEPENDENCIES
  bundler (~> 1.17)
  nydp-caxlsx!
  rake (~> 13.0)
  rspec (~> 3.0)

BUNDLED WITH
   1.17.3
